GEM
  remote: https://rubygems.org/
  specs:
    ffi (1.15.5)
    fileutils (1.7.1)
    json (2.6.3)
    listen (3.8.0)
      rb-fsevent (~> 0.10, >= 0.10.3)
      rb-inotify (~> 0.9, >= 0.9.10)
    mini_portile2 (2.8.2)
    mustermann (3.0.0)
      ruby2_keywords (~> 0.0.1)
    rack (2.2.7)
    rack-protection (3.0.6)
      rack
    rb-fsevent (0.11.2)
    rb-inotify (0.10.1)
      ffi (~> 1.0)
    ruby2_keywords (0.0.5)
    sinatra (3.0.6)
      mustermann (~> 3.0)
      rack (~> 2.2, >= 2.2.4)
      rack-protection (= 3.0.6)
      tilt (~> 2.0)
    sqlite3 (1.6.3)
      mini_portile2 (~> 2.8.0)
    tilt (2.2.0)

PLATFORMS
  x86_64-darwin-20

DEPENDENCIES
  fileutils
  json
  listen
  sinatra
  sqlite3

BUNDLED WITH
   2.4.12
